PATH
  remote: .
  specs:
    address-standardization (0.4.1)
      httparty (~> 0.8.1)
      logging (~> 1.6.1)
      mechanize (= 2.0.0)

GEM
  remote: http://rubygems.org/
  specs:
    diff-lcs (1.1.3)
    httparty (0.8.3)
      multi_json (~> 1.0)
      multi_xml
    little-plugger (1.1.4)
    logging (1.6.2)
      little-plugger (>= 1.1.3)
    mechanize (2.0)
      net-http-digest_auth (~> 1.1, >= 1.1.1)
      net-http-persistent (~> 1.8)
      nokogiri (~> 1.4)
      webrobots (~> 0.0, >= 0.0.9)
    mini_portile2 (2.4.0)
    multi_json (1.14.1)
    multi_xml (0.6.0)
    net-http-digest_auth (1.4.1)
    net-http-persistent (1.9)
    nokogiri (1.10.8)
      mini_portile2 (~> 2.4.0)
    rspec (2.7.0)
      rspec-core (~> 2.7.0)
      rspec-expectations (~> 2.7.0)
      rspec-mocks (~> 2.7.0)
    rspec-core (2.7.1)
    rspec-expectations (2.7.0)
      diff-lcs (~> 1.1.2)
    rspec-mocks (2.7.0)
    webrobots (0.1.2)

PLATFORMS
  ruby

DEPENDENCIES
  address-standardization!
  rspec (~> 2.7.0)
